GEM
  remote: http://rubygems.org/
  specs:
    actionmailer (2.3.5)
      actionpack (= 2.3.5)
    actionpack (2.3.5)
      activesupport (= 2.3.5)
      rack (~> 1.0.0)
    activerecord (2.3.5)
      activesupport (= 2.3.5)
    activerecord-mysql2-adapter (0.0.3)
      mysql2
    activeresource (2.3.5)
      activesupport (= 2.3.5)
    activesupport (2.3.5)
    daemon_controller (1.2.0)
    diff-lcs (1.2.5)
    fastercsv (1.5.4)
    json (1.5.0)
    mysql2 (0.3.15)
    passenger (4.0.38)
      daemon_controller (>= 1.2.0)
      rack
      rake (>= 0.8.1)
    rack (1.0.1)
    rails (2.3.5)
      actionmailer (= 2.3.5)
      actionpack (= 2.3.5)
      activerecord (= 2.3.5)
      activeresource (= 2.3.5)
      activesupport (= 2.3.5)
      rake (>= 0.8.3)
    rake (0.8.7)
    rspec (2.14.1)
      rspec-core (~> 2.14.0)
      rspec-expectations (~> 2.14.0)
      rspec-mocks (~> 2.14.0)
    rspec-core (2.14.8)
    rspec-expectations (2.14.5)
      diff-lcs (>= 1.1.3, < 2.0)
    rspec-mocks (2.14.6)

PLATFORMS
  ruby

DEPENDENCIES
  activerecord-mysql2-adapter (= 0.0.3)
  bundler
  fastercsv (= 1.5.4)
  json (= 1.5.0)
  passenger
  rails (= 2.3.5)
  rake (= 0.8.7)
  rspec
